GEM
  remote: https://rubygems.org/
  specs:
    addressable (2.4.0)
    launchy (2.4.3)
      addressable (~> 2.3)
    msgpack (1.0.0)

PLATFORMS
  ruby

DEPENDENCIES
  launchy
  msgpack

BUNDLED WITH
   1.11.2
